GEM
  remote: https://rubygems.org/
  specs:
    commonjs (0.2.7)
    filewatcher (0.5.2)
      trollop (~> 2.0)
    less (2.6.0)
      commonjs (~> 0.2.7)
    rack (1.6.4)
    trollop (2.1.2)

PLATFORMS
  ruby

DEPENDENCIES
  filewatcher (= 0.5.2)
  less (= 2.6.0)
  rack (= 1.6.4)

BUNDLED WITH
   1.10.4
